{
    "Modality": "MR",
    "MagneticFieldStrength": 7,
    "ImagingFrequency": 297.177081,
    "Manufacturer": "Siemens",
    "ManufacturersModelName": "Investigational_Device_7T",
    "InstitutionName": "BIC",
    "InstitutionalDepartmentName": "Department",
    "InstitutionAddress": "Street StreetNo,City,District,CA,ZIP",
    "DeviceSerialNumber": "79017",
    "StationName": "AWP79017",
    "BodyPart": "CSPINE",
    "PatientPosition": "HFS",
    "ProcedureStepDescription": "Development^Dr. Cohen-Adad",
    "SoftwareVersions": "syngo MR E12",
    "MRAcquisitionType": "2D",
    "StudyDescription": "Development^Dr. Cohen-Adad",
    "SeriesDescription": "ep2d_bold_baseline_tsnr",
    "ProtocolName": "ep2d_bold_baseline_tsnr",
    "ScanningSequence": "EP",
    "SequenceVariant": "SK",
    "ScanOptions": "PFP\\FS",
    "SequenceName": "epfid2d1_128",
    "ImageType": [
        "ORIGINAL",
        "PRIMARY",
        "M",
        "ND",
        "MOSAIC",
        "MAGNITUDE"
    ],
    "NonlinearGradientCorrection": false,
    "SeriesNumber": 8,
    "AcquisitionTime": "09:38:46.170000",
    "AcquisitionNumber": 1,
    "SliceThickness": 3,
    "SpacingBetweenSlices": 3,
    "SAR": 0.294363,
    "TablePosition": [
        0,
        0,
        7
    ],
    "EchoTime": 0.023,
    "RepetitionTime": 2.5,
    "FlipAngle": 75,
    "PartialFourier": 0.75,
    "BaseResolution": 128,
    "ShimSetting": [
        142,
        -315,
        -2426,
        -651,
        -317,
        7981,
        -1437,
        103
    ],
    "TxRefAmp": 477.076,
    "PhaseResolution": 1,
    "ReceiveCoilName": "NP11_ACDC_SPINE",
    "ReceiveCoilActiveElements": "1H;1H;1H;1H;1H;1H;1H;1H;1H;1H;1H;1H;1H;1H;1H;1H;1H;1H;1H;1H",
    "PulseSequenceDetails": "%CustomerSeq%\\ep2d_bold_shimming",
    "RefLinesPE": 24,
    "CoilCombinationMethod": "Sum of Squares",
    "ConsistencyInfo": "N4_VE12U_LATEST_20181126",
    "MatrixCoilMode": "GRAPPA",
    "PercentPhaseFOV": 100,
    "PercentSampling": 100,
    "EchoTrainLength": 47,
    "PhaseEncodingSteps": 95,
    "AcquisitionMatrixPE": 128,
    "ReconMatrixPE": 128,
    "BandwidthPerPixelPhaseEncode": 14.603,
    "ParallelReductionFactorInPlane": 2,
    "EffectiveEchoSpacing": 0.000534993,
    "DerivedVendorReportedEchoSpacing": 0.00106999,
    "TotalReadoutTime": 0.0679441,
    "PixelBandwidth": 1055,
    "DwellTime": 3.7e-06,
    "PhaseEncodingDirection": "j-",
    "SliceTiming": [
        1.25,
        0,
        1.3375,
        0.09,
        1.4275,
        0.18,
        1.5175,
        0.2675,
        1.605,
        0.3575,
        1.695,
        0.4475,
        1.785,
        0.535,
        1.8725,
        0.625,
        1.9625,
        0.715,
        2.0525,
        0.8025,
        2.14,
        0.8925,
        2.23,
        0.9825,
        2.32,
        1.07,
        2.4075,
        1.16
    ],
    "ImageOrientationPatientDICOM": [
        1,
        0,
        0,
        0,
        0.932954,
        0.359997
    ],
    "ImageOrientationText": "Tra>Cor(21.1)",
    "InPlanePhaseEncodingDirectionDICOM": "COL",
    "BidsGuess": [
        "func",
        "_acq-epfid2p2_dir-AP_run-8_bold"
    ],
    "ConversionSoftware": "dcm2niix",
    "ConversionSoftwareVersion": "v1.0.20250505",
    "Dcm2bidsVersion": "3.2.0",
    "TaskName": "rest",
    "Instructions": "No instructions",
    "TaskDescription": "Resting-state scan to measure tSNR",
    "PulseSequenceType": "EPI",
    "PartialFourierDirection": "j"
}