{
    "Modality": "MR",
    "MagneticFieldStrength": 7,
    "ImagingFrequency": 297.177377,
    "Manufacturer": "Siemens",
    "ManufacturersModelName": "Investigational_Device_7T",
    "InstitutionName": "BIC",
    "InstitutionalDepartmentName": "Department",
    "InstitutionAddress": "Street StreetNo,City,District,CA,ZIP",
    "DeviceSerialNumber": "79017",
    "StationName": "AWP79017",
    "BodyPart": "CSPINE",
    "PatientPosition": "HFS",
    "ProcedureStepDescription": "Development^Dr. Cohen-Adad",
    "SoftwareVersions": "syngo MR E12",
    "MRAcquisitionType": "2D",
    "StudyDescription": "Development^Dr. Cohen-Adad",
    "SeriesDescription": "ep2d_bold_f0xyz_tsnr",
    "ProtocolName": "ep2d_bold_f0xyz_tsnr",
    "ScanningSequence": "EP",
    "SequenceVariant": "SK",
    "ScanOptions": "PFP\\FS",
    "SequenceName": "epfid2d1_128",
    "ImageType": [
        "ORIGINAL",
        "PRIMARY",
        "M",
        "ND",
        "MOSAIC",
        "MAGNITUDE"
    ],
    "NonlinearGradientCorrection": false,
    "SeriesNumber": 10,
    "AcquisitionTime": "14:14:10.560000",
    "AcquisitionNumber": 1,
    "SliceThickness": 3,
    "SpacingBetweenSlices": 3,
    "SAR": 0.187221,
    "TablePosition": [
        0,
        0,
        12
    ],
    "EchoTime": 0.023,
    "RepetitionTime": 2.5,
    "FlipAngle": 75,
    "PartialFourier": 0.75,
    "BaseResolution": 128,
    "ShimSetting": [
        120,
        -318,
        -1189,
        -2114,
        234,
        5077,
        -840,
        -242
    ],
    "TxRefAmp": 476.526,
    "PhaseResolution": 1,
    "ReceiveCoilName": "NP11_ACDC_SPINE",
    "ReceiveCoilActiveElements": "1H;1H;1H;1H;1H;1H;1H;1H;1H;1H;1H;1H;1H;1H;1H;1H;1H;1H;1H;1H",
    "PulseSequenceDetails": "%CustomerSeq%\\ep2d_bold_shimming",
    "RefLinesPE": 24,
    "CoilCombinationMethod": "Sum of Squares",
    "ConsistencyInfo": "N4_VE12U_LATEST_20181126",
    "MatrixCoilMode": "GRAPPA",
    "PercentPhaseFOV": 100,
    "PercentSampling": 100,
    "EchoTrainLength": 47,
    "PhaseEncodingSteps": 95,
    "AcquisitionMatrixPE": 128,
    "ReconMatrixPE": 128,
    "BandwidthPerPixelPhaseEncode": 14.603,
    "ParallelReductionFactorInPlane": 2,
    "EffectiveEchoSpacing": 0.000534993,
    "DerivedVendorReportedEchoSpacing": 0.00106999,
    "TotalReadoutTime": 0.0679441,
    "PixelBandwidth": 1055,
    "DwellTime": 3.7e-06,
    "PhaseEncodingDirection": "j-",
    "SliceTiming": [
        1.2475,
        0,
        1.3375,
        0.0875,
        1.4275,
        0.1775,
        1.5175,
        0.2675,
        1.605,
        0.355,
        1.695,
        0.445,
        1.785,
        0.535,
        1.8725,
        0.6225,
        1.9625,
        0.7125,
        2.0525,
        0.8025,
        2.1425,
        0.8925,
        2.23,
        0.98,
        2.32,
        1.07,
        2.41,
        1.16
    ],
    "ImageOrientationPatientDICOM": [
        1,
        0,
        0,
        0,
        0.975917,
        0.218143
    ],
    "ImageOrientationText": "Tra>Cor(12.6)",
    "InPlanePhaseEncodingDirectionDICOM": "COL",
    "BidsGuess": [
        "func",
        "_acq-epfid2p2_dir-AP_run-10_bold"
    ],
    "ConversionSoftware": "dcm2niix",
    "ConversionSoftwareVersion": "v1.0.20250505",
    "Dcm2bidsVersion": "3.2.0",
    "TaskName": "rest",
    "Instructions": "No instructions",
    "TaskDescription": "Resting-state scan to measure tSNR",
    "PulseSequenceType": "EPI",
    "PartialFourierDirection": "j"
}