{
    "Modality": "MR",
    "MagneticFieldStrength": 7,
    "ImagingFrequency": 297.176528,
    "Manufacturer": "Siemens",
    "ManufacturersModelName": "Investigational_Device_7T",
    "InstitutionName": "BIC",
    "InstitutionalDepartmentName": "Department",
    "InstitutionAddress": "Street StreetNo,City,District,CA,ZIP",
    "DeviceSerialNumber": "79017",
    "StationName": "AWP79017",
    "BodyPart": "CSPINE",
    "PatientPosition": "HFS",
    "ProcedureStepDescription": "Development^Dr. Cohen-Adad",
    "SoftwareVersions": "syngo MR E12",
    "MRAcquisitionType": "2D",
    "StudyDescription": "Development^Dr. Cohen-Adad",
    "SeriesDescription": "localizer_for_segmentation",
    "ProtocolName": "localizer_for_segmentation",
    "ScanningSequence": "GR",
    "SequenceVariant": "SP\\OSP",
    "SequenceName": "*qfl2d1",
    "ImageType": [
        "ORIGINAL",
        "PRIMARY",
        "M",
        "DIS2D",
        "MAGNITUDE"
    ],
    "NonlinearGradientCorrection": true,
    "SeriesNumber": 4,
    "AcquisitionTime": "13:57:16.195000",
    "AcquisitionNumber": 1,
    "SliceThickness": 2.5,
    "SpacingBetweenSlices": 2.5,
    "SAR": 0.00433336,
    "TablePosition": [
        0,
        0,
        34
    ],
    "EchoTime": 0.00379,
    "RepetitionTime": 0.0076,
    "FlipAngle": 5,
    "PartialFourier": 1,
    "BaseResolution": 192,
    "ShimSetting": [
        148,
        -93,
        15,
        -76,
        0,
        -147,
        -99,
        -259
    ],
    "TxRefAmp": 494.884,
    "PhaseResolution": 1,
    "PhaseOversampling": 0.25,
    "ReceiveCoilName": "NP11_ACDC_SPINE",
    "ReceiveCoilActiveElements": "1H;1H;1H;1H;1H;1H;1H;1H;1H;1H;1H;1H;1H;1H;1H;1H;1H;1H;1H;1H",
    "PulseSequenceDetails": "%SiemensSeq%\\gre",
    "RefLinesPE": 32,
    "CoilCombinationMethod": "Sum of Squares",
    "ConsistencyInfo": "N4_VE12U_LATEST_20181126",
    "MatrixCoilMode": "GRAPPA",
    "PercentPhaseFOV": 100,
    "PercentSampling": 100,
    "PhaseEncodingSteps": 240,
    "AcquisitionMatrixPE": 192,
    "ReconMatrixPE": 192,
    "ParallelReductionFactorInPlane": 2,
    "PixelBandwidth": 320,
    "DwellTime": 8.1e-06,
    "PhaseEncodingDirection": "j-",
    "SliceTiming": [
        60.9844,
        59.9531,
        58.9219,
        57.8906,
        56.8594,
        55.8125,
        54.7812,
        53.75,
        52.7188,
        51.6875,
        50.6562,
        49.625,
        48.5781,
        47.5469,
        46.5156,
        45.4844,
        44.4531,
        43.4219,
        42.3906,
        41.3438,
        40.3125,
        39.2812,
        38.25,
        37.2188,
        36.1875,
        35.1406,
        34.1094,
        33.0781,
        32.0469,
        31.0156,
        29.9844,
        28.9531,
        27.9062,
        26.875,
        25.8438,
        24.8125,
        23.7812,
        22.75,
        21.7188,
        20.6719,
        19.6406,
        18.6094,
        17.5781,
        16.5469,
        15.5156,
        14.4844,
        13.4375,
        12.4062,
        11.375,
        10.3438,
        9.3125,
        8.28125,
        7.25,
        6.20312,
        5.17188,
        4.14062,
        3.10938,
        2.07812,
        1.04688,
        0
    ],
    "ImageOrientationPatientDICOM": [
        1,
        0,
        0,
        0,
        0.967709,
        0.252069
    ],
    "ImageOrientationText": "Tra>Cor(14.6)",
    "InPlanePhaseEncodingDirectionDICOM": "COL",
    "BidsGuess": [
        "discard",
        "_acq-qfl2p2_run-4_localizer"
    ],
    "ConversionSoftware": "dcm2niix",
    "ConversionSoftwareVersion": "v1.0.20250505",
    "Dcm2bidsVersion": "3.2.0",
    "PulseSequenceType": "Gradient Echo",
    "PartialFourierDirection": "j"
}