{
    "Modality": "MR",
    "MagneticFieldStrength": 7,
    "ImagingFrequency": 297.17693,
    "Manufacturer": "Siemens",
    "ManufacturersModelName": "Investigational_Device_7T",
    "InstitutionName": "BIC",
    "InstitutionalDepartmentName": "Department",
    "InstitutionAddress": "Street StreetNo,City,District,CA,ZIP",
    "DeviceSerialNumber": "79017",
    "StationName": "AWP79017",
    "BodyPart": "CSPINE",
    "PatientPosition": "HFS",
    "ProcedureStepDescription": "Development^Dr. Cohen-Adad",
    "SoftwareVersions": "syngo MR E12",
    "MRAcquisitionType": "2D",
    "StudyDescription": "Development^Dr. Cohen-Adad",
    "SeriesDescription": "ep2d_bold_f0xyz_task_run1",
    "ProtocolName": "ep2d_bold_f0xyz_task_run1",
    "ScanningSequence": "EP",
    "SequenceVariant": "SK",
    "ScanOptions": "PFP\\FS",
    "SequenceName": "epfid2d1_128",
    "ImageType": [
        "ORIGINAL",
        "PRIMARY",
        "M",
        "ND",
        "MOSAIC",
        "MAGNITUDE"
    ],
    "NonlinearGradientCorrection": false,
    "SeriesNumber": 10,
    "AcquisitionTime": "12:43:10.627500",
    "AcquisitionNumber": 1,
    "SliceThickness": 3,
    "SpacingBetweenSlices": 3,
    "SAR": 0.215527,
    "TablePosition": [
        0,
        0,
        24
    ],
    "EchoTime": 0.023,
    "RepetitionTime": 2.5,
    "FlipAngle": 75,
    "PartialFourier": 0.75,
    "BaseResolution": 128,
    "ShimSetting": [
        160,
        -254,
        -2158,
        112,
        -815,
        6495,
        -1842,
        41
    ],
    "TxRefAmp": 517.223,
    "PhaseResolution": 1,
    "ReceiveCoilName": "NP11_ACDC_SPINE",
    "ReceiveCoilActiveElements": "1H;1H;1H;1H;1H;1H;1H;1H;1H;1H;1H;1H;1H;1H;1H;1H;1H;1H;1H;1H",
    "PulseSequenceDetails": "%CustomerSeq%\\ep2d_bold_shimming",
    "RefLinesPE": 24,
    "CoilCombinationMethod": "Sum of Squares",
    "ConsistencyInfo": "N4_VE12U_LATEST_20181126",
    "MatrixCoilMode": "GRAPPA",
    "PercentPhaseFOV": 100,
    "PercentSampling": 100,
    "EchoTrainLength": 47,
    "PhaseEncodingSteps": 95,
    "AcquisitionMatrixPE": 128,
    "ReconMatrixPE": 128,
    "BandwidthPerPixelPhaseEncode": 14.603,
    "ParallelReductionFactorInPlane": 2,
    "EffectiveEchoSpacing": 0.000534993,
    "DerivedVendorReportedEchoSpacing": 0.00106999,
    "TotalReadoutTime": 0.0679441,
    "PixelBandwidth": 1055,
    "DwellTime": 3.7e-06,
    "PhaseEncodingDirection": "j-",
    "SliceTiming": [
        0,
        1.3,
        0.1,
        1.4,
        0.2,
        1.5,
        0.3,
        1.6,
        0.4,
        1.7,
        0.5,
        1.8,
        0.6,
        1.9,
        0.7,
        2,
        0.8,
        2.1,
        0.9,
        2.2,
        1,
        2.3,
        1.1,
        2.4,
        1.2
    ],
    "ImageOrientationPatientDICOM": [
        1,
        0,
        0,
        0,
        0.946085,
        0.323917
    ],
    "ImageOrientationText": "Tra>Cor(18.9)",
    "InPlanePhaseEncodingDirectionDICOM": "COL",
    "BidsGuess": [
        "func",
        "_acq-epfid2p2_dir-AP_run-10_bold"
    ],
    "ConversionSoftware": "dcm2niix",
    "ConversionSoftwareVersion": "v1.0.20250505",
    "Dcm2bidsVersion": "3.2.0",
    "TaskName": "motor",
    "Instructions": "Squeeze the ball as much as possible and hold when you see the green circle, or relax when you see the white cross, using the right hand.",
    "TaskDescription": "Motor task in which participants respond to visual cues by squeezing or relaxing a ball with the right hand.",
    "PulseSequenceType": "EPI",
    "PartialFourierDirection": "j"
}